GEM
  remote: https://rubygems.org/
  specs:
    bourbon (4.2.3)
      sass (~> 3.4)
      thor
    haml (4.0.6)
      tilt
    neat (1.7.2)
      bourbon (>= 4.0)
      sass (>= 3.3)
    rack (1.6.4)
    rack-protection (1.5.3)
      rack
    sass (3.4.15)
    shotgun (0.9.1)
      rack (>= 1.0)
    sinatra (1.4.6)
      rack (~> 1.4)
      rack-protection (~> 1.4)
      tilt (>= 1.3, < 3)
    thor (0.19.1)
    tilt (2.0.1)

PLATFORMS
  ruby

DEPENDENCIES
  bourbon
  haml
  neat
  shotgun
  sinatra

BUNDLED WITH
   1.10.3
